GEM
  remote: http://rubygems.org/
  specs:
    diff-lcs (1.2.4)
    ethon (0.7.0)
      ffi (>= 1.3.0)
    ffi (1.9.3)
    json (1.7.7)
    rspec (2.13.0)
      rspec-core (~> 2.13.0)
      rspec-expectations (~> 2.13.0)
      rspec-mocks (~> 2.13.0)
    rspec-core (2.13.1)
    rspec-expectations (2.13.0)
      diff-lcs (>= 1.1.3, < 2.0)
    rspec-mocks (2.13.1)
    typhoeus (0.6.8)
      ethon (>= 0.7.0)

PLATFORMS
  ruby

DEPENDENCIES
  json
  rspec
  typhoeus
